##TITLE= Parameter file, TopSpin 3.5 pl 6
##JCAMPDX= 5.0
##DATATYPE= Parameter Values
##NPOINTS= 514	$$ modification sequence number
##ORIGIN= Bruker BioSpin GmbH
##OWNER= buitrago
$$ 2023-07-14 12:53:55.085 -0400  buitrago@nmr50pri.chem.columbia.edu
$$ /400SL/data/buitrago/nmr/20230711_19f31p_hetcor/9/acqu2s
$$ process /opt/topspin3.5pl6/prog/mod/go4
##$ACQT0= 0
##$BF1= 161.975593
##$FnMODE= 1
##$NUC1= <31P>
##$NusJSP= 0
##$NusT2= 1
##$NusTD= 512
##$O1= -10528.413545
##$ProjAngle= 0
##$SFO1= 161.965064586455
##$SW= 210.005815322111
##$SW_h= 34013.6054421769
##$TD= 512
##END=
