##TITLE= Parameter file, TopSpin 3.5 pl 6
##JCAMPDX= 5.0
##DATATYPE= Parameter Values
##NPOINTS= 1	$$ modification sequence number
##ORIGIN= Bruker BioSpin GmbH
##OWNER= buitrago
$$ 2023-07-13 16:35:17.574 -0400  buitrago@nmr50pri.chem.columbia.edu
$$ /400SL/data/buitrago/nmr/20230711_19f31p_hetcor/6/acqu2
$$ process /opt/topspin3.5pl6/prog/mod/edparproc
##$ACQT0= 0
##$BF1= 161.975593
##$FnMODE= 1
##$NUC1= <31P>
##$NusJSP= 0
##$NusT2= 1
##$NusTD= 0
##$O1= -1619.75592999397
##$ProjAngle= 0
##$SFO1= 161.97397324407
##$SW= 400.00400004
##$SW_h= 64790.2372
##$TD= 512
##END=
