##TITLE= Parameter file, TopSpin 3.6.2
##JCAMPDX= 5.0
##DATATYPE= Parameter Values
##NPOINTS= 31139	$$ modification sequence number
##ORIGIN= Bruker BioSpin GmbH
##OWNER= nmrsu
$$ 2024-02-05 09:55:02.937 -0500  decatur@nmr28.chem.columbia.edu
$$ /opt/topspin3.6.2/conf/instr/spect/specpar
$$ process /opt/topspin3.6.2/prog/mod/hconfserver
##$HPPRECH= (0..15)
-1 -1 -1 -1 -1 -1 -1 -1 -1 -1 -1 -1 -1 -1 -1 -1
##$HPSELECT= no
##$NUC1= 119
##$NUC2= 1
##$NUC3= 0
##$NUC4= 0
##$NUC5= 0
##$NUC6= 0
##$NUC7= 0
##$NUC8= 0
##$NUCARR= (0..123)
500.053 500.053 76.761180123 533.376401906 380.935254857 73.588229526 194.339582812
70.266512461 53.723984139 160.436874506 125.738426861 36.135414948 50.669930443
67.789469922 470.519924826 39.475663977 132.273519507 30.611419467 130.298105135
99.346464609 202.425164793 38.38406828 48.994737892 40.782947534 23.334338178
29.01316507 12.807882492 33.653711915 121.471609626 28.190657893 28.19817369
49.856829264 131.528680562 28.265475823 123.959228286 16.190606022 118.647945349
44.684991107 132.591418201 142.033518957 31.287331106 120.019490718 152.499683253
17.443423807 85.622144985 95.367672902 26.091375393 125.283178609 135.046903455
19.240039228 48.27983212 163.619611841 21.671406926 24.503587105 46.486417038
122.39382237 32.588083971 33.272001458 112.553559413 23.02819573 25.809580526
15.933923817 22.882925333 20.241240344 23.270131372 106.088644204 110.977637383
109.34036385 109.574758693 163.611085937 178.180180097 186.472924035 119.665568206
64.802953385 130.862579963 157.765566378 100.048033968 139.065669399 41.223974278
65.587661555 49.677550262 55.570529852 65.978492979 70.63569159 153.1162286
27.2528885 16.8017808 20.8522101 17.2018232 124.3131758 54.9058194 15.3516271
20.1521359 120.2127412 17.2018232 24.1025546 106.7113102 14.4015264 41.4543937
87.505804632 24.10755513 57.02604412 40.65930943 20.03712371 12.58633401
59.954354488 20.834143185 112.634938038 113.770058348 11.412864635 38.831115662
8.59091054 9.35599163 107.495313296 8.64591637 89.563602736 33.061419139
285.646275296 288.449762434 104.614082917 80.354956723 9.207975942 18.1519239
100
##$NUCOFFS= (0..127)
<1H> <15N> <13C> <31P> <19F> <115In> <2H> <71Ga> <11B> <207Pb> <> <> <>
<> <> <> <> <> <> <> <> <> <> <> <> <> <> <> <> <> <> <> <> <> <> <> <>
<> <> <> <> <> <> <> <> <> <> <> <> <> <> <> <> <> <> <> <> <> <> <> <>
<> <> <> <> <> <> <> <> <> <> <> <> <> <> <> <> <> <> <> <> <> <> <> <>
<> <> <> <> <> <> <> <> <> <> <> <> <> <> <> <> <> <> <> <> <> <> <> <>
<> <> <> <> <> <> <> <> <> <> <> <> <> <> <> <> <> <> <>
##$OFFS= (0..127)
4.7 5000 50 0 0 0 0 0 0 0 0 0 0 0 0 0 0 0 0 0 0 0 0 0 0 0 0 0 0 0 0 0 0
0 0 0 0 0 0 0 0 0 0 0 0 0 0 0 0 0 0 0 0 0 0 0 0 0 0 0 0 0 0 0 0 0 0 0 0
0 0 0 0 0 0 0 0 0 0 0 0 0 0 0 0 0 0 0 0 0 0 0 0 0 0 0 0 0 0 0 0 0 0 0 0
0 0 0 0 0 0 0 0 0 0 0 0 0 0 0 0 0 0 0 0 0 0 0
##$OFFSF= (0..7)
0 0 0 0 0 0 0 0
##$OFFSH= (0..7)
1588.50000002531 2000.00000000955 0 0 0 0 0 0
##$OFFSX= (0..7)
4778.29999999813 5067.79999999907 0 0 0 0 0 0
##$PRECHAN= (0..15)
-1 1 -1 0 -1 3 2 -1 -1 -1 -1 -1 -1 -1 -1 -1
##$RECPRE= (0..15)
-1 0 -1 -1 -1 -1 -1 -1 -1 -1 -1 -1 -1 -1 -1 -1
##$RECPRFX= (0..15)
1 0 0 0 0 0 0 0 0 0 0 0 0 0 0 0
##$RECSEL= (0..15)
0 0 0 1 0 0 0 0 0 0 0 0 0 0 0 0
##$SELREC= (0..9)
0 0 0 0 0 0 0 0 0 0
##$SFO1= 104.614083
##$SFO2= 500.055
##$SFO3= 500.053
##$SFO4= 500.064316
##$SFO5= 500.064316
##$SFO6= 500.064316
##$SFO7= 500.064316
##$SFO8= 500.064316
##END=
