##TITLE= Parameter file, TopSpin 3.5 pl 6
##JCAMPDX= 5.0
##DATATYPE= Parameter Values
##NPOINTS= 12	$$ modification sequence number
##ORIGIN= Bruker BioSpin GmbH
##OWNER= arbeli
$$ 2023-06-23 09:54:39.354 -0400  arbeli@nmr50pri.chem.columbia.edu
$$ /400SL/data/arbeli/nmr/23062023_AS_HF_standard/10/acqu2s
$$ process /opt/topspin3.5pl6/prog/mod/go4
##$ACQT0= 0
##$BF1= 400.13
##$FnMODE= 0
##$NUC1= <1H>
##$NusJSP= 0
##$NusT2= 1
##$NusTD= 10
##$O1= 1880.611
##$ProjAngle= 0
##$SFO1= 400.131880611
##$SW= 9.99670407139769
##$SW_h= 4000
##$TD= 10
##END=
