##TITLE= Parameter file, TopSpin 3.5 pl 6
##JCAMPDX= 5.0
##DATATYPE= Parameter Values
##NPOINTS= 1	$$ modification sequence number
##ORIGIN= Bruker BioSpin GmbH
##OWNER= buitrago
$$ 2023-07-11 16:15:31.673 -0400  buitrago@nmr50pri.chem.columbia.edu
$$ /400SL/data/buitrago/nmr/20230711_19f31p_hetcor/3/acqum
$$ process /opt/topspin3.5pl6/prog/mod/edparproc
##$COMMENT= <>
##$ECF= 1
##$ECHOLST= (0..15)
1 1 1 1 1 1 1 1 1 1 1 1 1 1 1 1
##$ECOLLST= (0..15)
1 1 1 1 1 1 1 1 1 1 1 1 1 1 1 1
##$FLIPA= 0
##$FOV1= 0
##$FOV2= 0
##$FOV3= 0
##$FRARE= 1
##$HEADER= <>
##$INSTIT= <>
##$METHOD= <>
##$NECHOES= 1
##$NPROJEC= 32
##$NSLICES= 32
##$PATPOS= 0
##$RUNEXAM= -1
##$SDIST= 1
##$SOANGLE= 0
##$SORIENT= 0
##$SOT= <>
##$SPOS= 0
##$SPOSDIR= <>
##$STHICK= 3
##$T2DIST= 30
##$TINV= 50
##$TREC= 2700
##$TREP= 3000
##$TSCAN= 50000
##END=
